GEM
  remote: https://rubygems.org/
  specs:
    concurrent-ruby (1.1.3)
    faker (1.9.1)
      i18n (>= 0.7)
    i18n (1.1.1)
      concurrent-ruby (~> 1.0)

PLATFORMS
  ruby

DEPENDENCIES
  faker (~> 1.6, >= 1.6.6)

BUNDLED WITH
   1.17.1
